GEM
  remote: https://rubygems.org/
  specs:
    diff-lcs (1.4.4)
    faraday (0.9.2)
      multipart-post (>= 1.2, < 3)
    multipart-post (2.1.1)
    rspec (3.10.0)
      rspec-core (~> 3.10.0)
      rspec-expectations (~> 3.10.0)
      rspec-mocks (~> 3.10.0)
    rspec-core (3.10.1)
      rspec-support (~> 3.10.0)
    rspec-expectations (3.10.1)
      diff-lcs (>= 1.2.0, < 2.0)
      rspec-support (~> 3.10.0)
    rspec-mocks (3.10.2)
      diff-lcs (>= 1.2.0, < 2.0)
      rspec-support (~> 3.10.0)
    rspec-support (3.10.2)

PLATFORMS
  x86_64-linux

DEPENDENCIES
  faraday (~> 0.9.2)
  rspec (~> 3.10)

BUNDLED WITH
   2.2.3
